GIT
  remote: git://github.com/ixti/toto.git
  revision: 5847da2ca5950b129c4c330a1ce023051a4587b6
  specs:
    toto (0.4.9)
      builder
      rack
      rdiscount

GEM
  remote: http://rubygems.org/
  specs:
    builder (3.0.0)
    nokogiri (1.5.0)
    rack (1.3.3)
    rdiscount (1.6.8)
    redcarpet (1.17.2)
    rmagick (2.13.1)
    rqrcode (0.4.2)

PLATFORMS
  ruby

DEPENDENCIES
  nokogiri
  redcarpet
  rmagick
  rqrcode
  toto!
