GIT
  remote: git://github.com/ixti/toto.git
  revision: 034a7027438eba43c7ec60b7df44e6c8ad88a9c9
  branch: master
  specs:
    toto (0.4.9)
      builder
      rack
      rdiscount

GEM
  remote: http://rubygems.org/
  specs:
    builder (3.0.0)
    rack (1.3.2)
    rack-rewrite (1.0.2)
    rdiscount (1.6.8)
    redcarpet (1.17.2)

PLATFORMS
  ruby

DEPENDENCIES
  rack-rewrite
  redcarpet
  toto!
