GIT
  remote: git://github.com/ixti/toto.git
  revision: 3af57e84b609baecb9c5dbfed1c4f6de1a20f942
  branch: master
  specs:
    toto (0.4.9)
      builder
      rack
      rdiscount

GEM
  remote: http://rubygems.org/
  specs:
    builder (3.0.0)
    rack (1.3.2)
    rack-rewrite (1.0.2)
    rdiscount (1.6.8)
    redcarpet (1.17.2)

PLATFORMS
  ruby

DEPENDENCIES
  rack-rewrite
  redcarpet
  toto!
