GIT
  remote: git://github.com/ixti/toto.git
  revision: 9b8d3ea4cd0c36c04df20b4cde911d1a97ac07de
  branch: master
  specs:
    toto (0.4.9)
      builder
      rack
      rdiscount

GEM
  remote: http://rubygems.org/
  specs:
    builder (3.0.0)
    rack (1.3.1)
    rack-rewrite (1.0.2)
    rdiscount (1.6.8)
    redcarpet (1.17.2)

PLATFORMS
  ruby

DEPENDENCIES
  rack-rewrite
  redcarpet
  toto!
