GIT
  remote: git://github.com/ixti/toto.git
  revision: 6d08fc993da18a6d12744858591943d64fd802d9
  specs:
    toto (0.4.9)
      builder
      rack
      rdiscount

GEM
  remote: http://rubygems.org/
  specs:
    builder (3.0.0)
    nokogiri (1.5.0)
    rack (1.3.2)
    rdiscount (1.6.8)
    redcarpet (1.17.2)
    rmagick (2.13.1)
    rqrcode (0.4.1)

PLATFORMS
  ruby

DEPENDENCIES
  nokogiri
  redcarpet
  rmagick
  rqrcode
  toto!
