GIT
  remote: git://github.com/ixti/toto.git
  revision: 359b9092ea29cf4940073499df5c8bcf73dce440
  branch: master
  specs:
    toto (0.4.9)
      builder
      rack
      rdiscount

GEM
  remote: http://rubygems.org/
  specs:
    builder (3.0.0)
    nokogiri (1.5.0)
    rack (1.3.2)
    rack-contrib (1.1.0)
      rack (>= 0.9.1)
    rdiscount (1.6.8)
    redcarpet (1.17.2)
    rmagick (2.13.1)
    rqrcode (0.4.1)

PLATFORMS
  ruby

DEPENDENCIES
  nokogiri
  rack-contrib
  redcarpet
  rmagick
  rqrcode
  toto!
