GIT
  remote: git://github.com/ixti/toto.git
  revision: 0c513b4f6fa47fb2bdf3eb4ed0ab14beaea9b5fb
  specs:
    toto (0.4.9)
      builder
      rack
      rdiscount

GEM
  remote: http://rubygems.org/
  specs:
    builder (3.0.0)
    nokogiri (1.5.0)
    rack (1.3.2)
    rdiscount (1.6.8)
    redcarpet (1.17.2)
    rmagick (2.13.1)
    rqrcode (0.4.2)

PLATFORMS
  ruby

DEPENDENCIES
  nokogiri
  redcarpet
  rmagick
  rqrcode
  toto!
